PATH
  remote: .
  specs:
    geoloader (0.0.1)
      confstruct (~> 0.2, >= 0.2.5)
      nokogiri (~> 1.6, >= 1.6.1)
      redcarpet (~> 3.1, >= 3.1.1)
      resque (~> 1.25, >= 1.25.1)
      rest-client (~> 1.6, >= 1.6.7)
      rsolr-ext (~> 1.0, >= 1.0.3)
      rubyzip (~> 1.1, >= 1.1.0)
      thor (~> 0.18, >= 0.18.1)

GEM
  remote: https://rubygems.org/
  specs:
    builder (3.2.2)
    confstruct (0.2.7)
    diff-lcs (1.2.5)
    mime-types (2.1)
    mini_portile (0.5.2)
    mono_logger (1.1.0)
    multi_json (1.9.0)
    nokogiri (1.6.1)
      mini_portile (~> 0.5.0)
    rack (1.5.2)
    rack-protection (1.5.2)
      rack
    rake (10.1.1)
    redcarpet (3.1.1)
    redis (3.0.7)
    redis-namespace (1.4.1)
      redis (~> 3.0.4)
    resque (1.25.2)
      mono_logger (~> 1.0)
      multi_json (~> 1.0)
      redis-namespace (~> 1.3)
      sinatra (>= 0.9.2)
      vegas (~> 0.1.2)
    rest-client (1.6.7)
      mime-types (>= 1.16)
    rsolr (1.0.9)
      builder (>= 2.1.2)
    rsolr-ext (1.0.3)
      rsolr (>= 1.0.2)
    rspec (2.14.1)
      rspec-core (~> 2.14.0)
      rspec-expectations (~> 2.14.0)
      rspec-mocks (~> 2.14.0)
    rspec-core (2.14.8)
    rspec-expectations (2.14.5)
      diff-lcs (>= 1.1.3, < 2.0)
    rspec-mocks (2.14.6)
    rubyzip (1.1.0)
    sinatra (1.4.4)
      rack (~> 1.4)
      rack-protection (~> 1.4)
      tilt (~> 1.3, >= 1.3.4)
    thor (0.18.1)
    tilt (1.4.1)
    vegas (0.1.11)
      rack (>= 1.0.0)

PLATFORMS
  ruby

DEPENDENCIES
  bundler (~> 1.5, >= 1.5.3)
  geoloader!
  rake (~> 10.1, >= 10.1.1)
  rspec (~> 2.14, >= 2.14.1)
